PATH
  remote: .
  specs:
    fizzbuzz (1.0.0)
      helix_runtime (~> 0.7.5)

GEM
  remote: https://rubygems.org/
  specs:
    diff-lcs (1.3)
    helix_runtime (0.7.5)
      rake (>= 10.0)
      thor (>= 0.19.4, < 2.0)
      tomlrb (~> 1.2.4)
    rake (12.3.3)
    rspec (3.8.0)
      rspec-core (~> 3.8.0)
      rspec-expectations (~> 3.8.0)
      rspec-mocks (~> 3.8.0)
    rspec-core (3.8.2)
      rspec-support (~> 3.8.0)
    rspec-expectations (3.8.4)
      diff-lcs (>= 1.2.0, < 2.0)
      rspec-support (~> 3.8.0)
    rspec-mocks (3.8.1)
      diff-lcs (>= 1.2.0, < 2.0)
      rspec-support (~> 3.8.0)
    rspec-support (3.8.2)
    thor (0.20.3)
    tomlrb (1.2.8)

PLATFORMS
  ruby

DEPENDENCIES
  fizzbuzz!
  rspec

BUNDLED WITH
   2.0.2
